GEM
  remote: https://rubygems.org/
  specs:
    aws-eventstream (1.3.0)
    aws-partitions (1.1001.0)
    aws-sdk-core (3.211.0)
      aws-eventstream (~> 1, >= 1.3.0)
      aws-partitions (~> 1, >= 1.992.0)
      aws-sigv4 (~> 1.9)
      jmespath (~> 1, >= 1.6.1)
    aws-sigv4 (1.10.1)
      aws-eventstream (~> 1, >= 1.0.2)
    base64 (0.3.0)
    concurrent-ruby (1.3.5)
    cool.io (1.9.0)
    csv (3.3.5)
    drb (2.2.3)
    elastic-transport (8.4.0)
      faraday (< 3)
      multi_json
    elasticsearch (9.0.2)
      elastic-transport (~> 8.3)
      elasticsearch-api (= 9.0.2)
    elasticsearch-api (9.0.2)
      multi_json
    excon (1.2.5)
      logger
    faraday (2.13.1)
      faraday-net_http (>= 2.0, < 3.5)
      json
      logger
    faraday-excon (2.3.0)
      excon (>= 1.0.0)
      faraday (>= 2.11.0, < 3)
    faraday-net_http (3.4.0)
      net-http (>= 0.5.0)
    faraday_middleware-aws-sigv4 (1.0.1)
      aws-sigv4 (~> 1.0)
      faraday (>= 2.0, < 3)
    fluent-plugin-elasticsearch (6.0.0)
      elasticsearch
      excon
      faraday (>= 2.0.0)
      faraday-excon (>= 2.0.0)
      fluentd (>= 0.14.22)
    fluent-plugin-opensearch (1.1.5)
      aws-sdk-core (~> 3)
      excon
      faraday (>= 2.0.0)
      faraday-excon (>= 2.0.0)
      faraday_middleware-aws-sigv4 (~> 1.0.1)
      fluentd (>= 0.14.22)
      opensearch-ruby (>= 3.0.1)
    fluent-plugin-prometheus (2.2.1)
      fluentd (>= 1.9.1, < 2)
      prometheus-client (>= 2.1.0)
    fluentd (1.18.0)
      base64 (~> 0.2)
      bundler
      cool.io (>= 1.4.5, < 2.0.0)
      csv (~> 3.2)
      drb (~> 2.2)
      http_parser.rb (>= 0.5.1, < 0.9.0)
      logger (~> 1.6)
      msgpack (>= 1.3.1, < 2.0.0)
      serverengine (>= 2.3.2, < 3.0.0)
      sigdump (~> 0.2.5)
      strptime (>= 0.2.4, < 1.0.0)
      tzinfo (>= 1.0, < 3.0)
      tzinfo-data (~> 1.0)
      webrick (~> 1.4)
      yajl-ruby (~> 1.0)
    http_parser.rb (0.8.0)
    jmespath (1.6.2)
    json (2.12.0)
    logger (1.7.0)
    msgpack (1.8.0)
    multi_json (1.15.0)
    net-http (0.6.0)
      uri
    opensearch-ruby (3.4.0)
      faraday (>= 1.0, < 3)
      multi_json (>= 1.0)
    prometheus-client (4.2.4)
      base64
    serverengine (2.4.0)
      base64 (~> 0.1)
      logger (~> 1.4)
      sigdump (~> 0.2.2)
    sigdump (0.2.5)
    strptime (0.2.5)
    tzinfo (2.0.6)
      concurrent-ruby (~> 1.0)
    tzinfo-data (1.2025.2)
      tzinfo (>= 1.0.0)
    uri (1.0.3)
    webrick (1.9.1)
    yajl-ruby (1.4.3)

PLATFORMS
  x86_64-linux
  x86_64-linux-musl

DEPENDENCIES
  fluent-plugin-elasticsearch (= 6.0.0)
  fluent-plugin-opensearch (= 1.1.5)
  fluent-plugin-prometheus (= 2.2.1)
  fluentd (= 1.18.0)

BUNDLED WITH
   2.5.22
