GEM
  remote: https://rubygems.org/
  specs:
    addressable (2.8.4)
      public_suffix (>= 2.0.2, < 6.0)
    amq-protocol (2.3.2)
    aws-eventstream (1.2.0)
    aws-partitions (1.666.0)
    aws-sdk-cloudwatchlogs (1.57.0)
      aws-sdk-core (~> 3, >= 3.165.0)
      aws-sigv4 (~> 1.1)
    aws-sdk-core (3.168.1)
      aws-eventstream (~> 1, >= 1.0.2)
      aws-partitions (~> 1, >= 1.651.0)
      aws-sigv4 (~> 1.5)
      jmespath (~> 1, >= 1.6.1)
    aws-sdk-kms (1.59.0)
      aws-sdk-core (~> 3, >= 3.165.0)
      aws-sigv4 (~> 1.1)
    aws-sdk-s3 (1.117.1)
      aws-sdk-core (~> 3, >= 3.165.0)
      aws-sdk-kms (~> 1)
      aws-sigv4 (~> 1.4)
    aws-sdk-sqs (1.52.0)
      aws-sdk-core (~> 3, >= 3.165.0)
      aws-sigv4 (~> 1.1)
    aws-sigv4 (1.5.2)
      aws-eventstream (~> 1, >= 1.0.2)
    bunny (2.14.4)
      amq-protocol (~> 2.3, >= 2.3.0)
    concurrent-ruby (1.2.2)
    connection_pool (2.3.0)
    cool.io (1.7.1)
    domain_name (0.5.20190701)
      unf (>= 0.0.5, < 1.0.0)
    ffi (1.15.5)
    ffi-compiler (1.0.1)
      ffi (>= 1.0.0)
      rake
    fluent-config-regexp-type (1.0.0)
      fluentd (> 1.0.0, < 2)
    fluent-mixin-config-placeholders (0.4.0)
      fluentd
      uuidtools (>= 2.1.5)
    fluent-plugin-cloudwatch-logs (0.14.3)
      aws-sdk-cloudwatchlogs (~> 1.0)
      fluentd (>= 1.8.0)
    fluent-plugin-datadog (0.14.2)
      fluentd (>= 1, < 2)
      net-http-persistent (~> 4.0.1)
    fluent-plugin-kubernetes_metadata_filter (3.2.0)
      fluentd (>= 0.14.0, < 1.17)
      kubeclient (>= 4.0.0, < 5.0.0)
      lru_redux
    fluent-plugin-multi-format-parser (1.0.0)
      fluentd (>= 0.14.0, < 2)
    fluent-plugin-prometheus (2.0.3)
      fluentd (>= 1.9.1, < 2)
      prometheus-client (>= 2.1.0)
    fluent-plugin-rabbitmq (0.0.9)
      bunny (~> 2.14.4)
      fluentd (>= 0.14.0)
    fluent-plugin-record-modifier (2.1.1)
      fluentd (>= 1.0, < 2)
    fluent-plugin-remote-syslog (1.1)
      fluent-mixin-config-placeholders
      fluentd
      syslog_protocol
    fluent-plugin-rewrite-tag-filter (2.4.0)
      fluent-config-regexp-type
      fluentd (>= 0.14.2, < 2)
    fluent-plugin-route (1.0.0)
      fluentd (>= 0.14.0)
    fluent-plugin-s3 (1.7.2)
      aws-sdk-s3 (~> 1.60)
      aws-sdk-sqs (~> 1.23)
      fluentd (>= 0.14.22, < 2)
    fluent-plugin-splunk-enterprise (0.10.2)
      fluentd (>= 0.12.0)
      httpclient
      json
    fluent-plugin-sumologic_output (1.8.0)
      fluentd (>= 0.14.12)
      httpclient (~> 2.8.0)
    fluentd (1.16.0)
      bundler
      cool.io (>= 1.4.5, < 2.0.0)
      http_parser.rb (>= 0.5.1, < 0.9.0)
      msgpack (>= 1.3.1, < 2.0.0)
      serverengine (>= 2.3.2, < 3.0.0)
      sigdump (~> 0.2.2)
      strptime (>= 0.2.4, < 1.0.0)
      tzinfo (>= 1.0, < 3.0)
      tzinfo-data (~> 1.0)
      webrick (~> 1.4)
      yajl-ruby (~> 1.0)
    http (4.4.1)
      addressable (~> 2.3)
      http-cookie (~> 1.0)
      http-form_data (~> 2.2)
      http-parser (~> 1.2.0)
    http-accept (1.7.0)
    http-cookie (1.0.5)
      domain_name (~> 0.5)
    http-form_data (2.3.0)
    http-parser (1.2.3)
      ffi-compiler (>= 1.0, < 2.0)
    http_parser.rb (0.8.0)
    httpclient (2.8.3)
    jmespath (1.6.2)
    json (2.6.2)
    jsonpath (1.1.2)
      multi_json
    kubeclient (4.11.0)
      http (>= 3.0, < 6.0)
      jsonpath (~> 1.0)
      recursive-open-struct (~> 1.1, >= 1.1.1)
      rest-client (~> 2.0)
    lru_redux (1.1.0)
    mime-types (3.4.1)
      mime-types-data (~> 3.2015)
    mime-types-data (3.2023.0218.1)
    msgpack (1.7.0)
    multi_json (1.15.0)
    net-http-persistent (4.0.1)
      connection_pool (~> 2.2)
    netrc (0.11.0)
    prometheus-client (4.0.0)
    public_suffix (5.0.1)
    rake (13.0.6)
    recursive-open-struct (1.1.3)
    rest-client (2.1.0)
      http-accept (>= 1.7.0, < 2.0)
      http-cookie (>= 1.0.2, < 2.0)
      mime-types (>= 1.16, < 4.0)
      netrc (~> 0.8)
    serverengine (2.3.2)
      sigdump (~> 0.2.2)
    sigdump (0.2.4)
    strptime (0.2.5)
    syslog_protocol (0.9.2)
    tzinfo (2.0.6)
      concurrent-ruby (~> 1.0)
    tzinfo-data (1.2023.3)
      tzinfo (>= 1.0.0)
    unf (0.1.4)
      unf_ext
    unf_ext (0.0.8.2)
    uuidtools (2.2.0)
    webrick (1.8.1)
    yajl-ruby (1.4.3)

PLATFORMS
  x86_64-linux
  x86_64-linux-musl

DEPENDENCIES
  fluent-plugin-cloudwatch-logs
  fluent-plugin-datadog
  fluent-plugin-kubernetes_metadata_filter
  fluent-plugin-multi-format-parser
  fluent-plugin-prometheus
  fluent-plugin-rabbitmq
  fluent-plugin-record-modifier
  fluent-plugin-remote-syslog
  fluent-plugin-rewrite-tag-filter
  fluent-plugin-route
  fluent-plugin-s3
  fluent-plugin-splunk-enterprise
  fluent-plugin-sumologic_output

BUNDLED WITH
   2.3.25
